GEM
  specs:
    sass (3.2.10)

PLATFORMS
  ruby

DEPENDENCIES
  sass
